GEM
  remote: http://rubygems.org/
  remote: http://gemcutter.org/
  remote: http://gems.github.com/
  specs:
    actionpack (2.3.2)
      activesupport (= 2.3.2)
    activesupport (2.3.2)
    addressable (2.2.4)
    builder (3.0.0)
    data_objects (0.10.3)
      addressable (~> 2.1)
    dm-core (1.1.0)
      addressable (~> 2.2.4)
    dm-do-adapter (1.1.0)
      data_objects (~> 0.10.2)
      dm-core (~> 1.1.0)
    dm-migrations (1.1.0)
      dm-core (~> 1.1.0)
    dm-mysql-adapter (1.1.0)
      dm-do-adapter (~> 1.1.0)
      do_mysql (~> 0.10.2)
    do_mysql (0.10.3)
      data_objects (= 0.10.3)
    json (1.5.1)
    mime-types (1.16)
    oauth (0.4.4)
    rack (1.2.2)
    sinatra (1.2.1)
      rack (~> 1.1)
      tilt (< 2.0, >= 1.2.2)
    tilt (1.2.2)
    twitter-text (1.3.1)
      actionpack
    twitter_oauth (0.4.3)
      json (>= 1.1.9)
      mime-types (>= 1.16)
      oauth (>= 0.4.1)

PLATFORMS
  ruby

DEPENDENCIES
  builder
  dm-core
  dm-migrations
  dm-mysql-adapter
  json
  sinatra
  twitter-text
  twitter_oauth
